GEM
  remote: http://rubygems.org/
  specs:
    artii (2.0.3)
    boson (1.2.4)
    colorize (0.6.0)
    columnize (0.3.6)
    debugger (1.6.2)
      columnize (>= 0.3.1)
      debugger-linecache (~> 1.2.0)
      debugger-ruby_core_source (~> 1.2.3)
    debugger-linecache (1.2.0)
    debugger-ruby_core_source (1.2.3)
    haml (4.0.4)
      tilt
    rmagick (2.13.2)
    tilt (1.4.1)

PLATFORMS
  ruby

DEPENDENCIES
  artii
  boson (~> 1.2.4)
  bundler
  colorize
  debugger
  haml
  rmagick
  tilt
